GEM
  remote: https://rubygems.org/
  specs:
    diffy (3.0.7)
    mini_portile (0.6.2)
    nokogiri (1.6.6.2)
      mini_portile (~> 0.6.0)
    rack (1.6.4)
    shotgun (0.9.1)
      rack (>= 1.0)

PLATFORMS
  ruby

DEPENDENCIES
  diffy
  nokogiri
  shotgun
